PATH
  remote: .
  specs:
    five9tools (0.1.7)
      amazing_print
      colorize (~> 0.8.1)
      dotenv
      fileutils (~> 1.4.1)
      htmlentities
      nokogiri
      os (~> 1.1.0)
      savon (~> 2.12.0)
      stringio
      zlib

GEM
  remote: https://rubygems.org/
  specs:
    akami (1.3.1)
      gyoku (>= 0.4.0)
      nokogiri
    amazing_print (1.2.1)
    builder (3.2.4)
    colorize (0.8.1)
    diff-lcs (1.3)
    dotenv (2.7.6)
    fileutils (1.4.1)
    gyoku (1.3.1)
      builder (>= 2.1.2)
    htmlentities (4.3.4)
    httpi (2.4.5)
      rack
      socksify
    mini_portile2 (2.4.0)
    nokogiri (1.10.10)
      mini_portile2 (~> 2.4.0)
    nori (2.6.0)
    os (1.1.1)
    rack (2.2.3)
    rake (13.0.1)
    rspec (3.9.0)
      rspec-core (~> 3.9.0)
      rspec-expectations (~> 3.9.0)
      rspec-mocks (~> 3.9.0)
    rspec-core (3.9.2)
      rspec-support (~> 3.9.3)
    rspec-expectations (3.9.2)
      diff-lcs (>= 1.2.0, < 2.0)
      rspec-support (~> 3.9.0)
    rspec-mocks (3.9.1)
      diff-lcs (>= 1.2.0, < 2.0)
      rspec-support (~> 3.9.0)
    rspec-support (3.9.3)
    savon (2.12.1)
      akami (~> 1.2)
      builder (>= 2.1.2)
      gyoku (~> 1.2)
      httpi (~> 2.3)
      nokogiri (>= 1.8.1)
      nori (~> 2.4)
      wasabi (~> 3.4)
    socksify (1.7.1)
    stringio (0.1.3)
    wasabi (3.5.0)
      httpi (~> 2.0)
      nokogiri (>= 1.4.2)
    zlib (1.1.0)

PLATFORMS
  ruby

DEPENDENCIES
  five9tools!
  rake (~> 13.0.1)
  rspec (~> 3.6)

BUNDLED WITH
   2.1.4
